GEM
  remote: https://rubygems.org/
  specs:
    diff-lcs (1.2.4)
    facter (2.5.1)
    fakefs (0.4.3)
    fuubar (1.1.1)
      rspec (~> 2.0)
      rspec-instafail (~> 0.2.0)
      ruby-progressbar (~> 1.0)
    multi_json (1.7.7)
    rake (10.1.1)
    rspec (2.13.0)
      rspec-core (~> 2.13.0)
      rspec-expectations (~> 2.13.0)
      rspec-mocks (~> 2.13.0)
    rspec-core (2.13.1)
    rspec-expectations (2.13.0)
      diff-lcs (>= 1.1.3, < 2.0)
    rspec-instafail (0.2.4)
    rspec-mocks (2.13.1)
    ruby-progressbar (1.1.1)
    simplecov (0.7.1)
      multi_json (~> 1.0)
      simplecov-html (~> 0.7.1)
    simplecov-html (0.7.1)
    thor (0.18.1)

PLATFORMS
  ruby

DEPENDENCIES
  facter (>= 1.7.6)
  fakefs (~> 0.4.3)
  fuubar
  rake
  rspec (~> 2.13.0)
  rspec-core (~> 2.13.0)
  rspec-expectations (~> 2.13.0)
  rspec-mocks (~> 2.13.0)
  simplecov
  thor

RUBY VERSION
   ruby 2.5.1p57

BUNDLED WITH
   1.16.2
